GEM
  remote: https://rubygems.org/
  specs:
    crg-scoreboard-extractor (0.1.1)

PLATFORMS
  ruby

DEPENDENCIES
  crg-scoreboard-extractor
